PATH
  remote: .
  specs:
    red-datasets-estatjp (0.2.0)

GEM
  remote: https://rubygems.org/
  specs:
    csv (3.1.2)
    diff-lcs (1.3)
    rake (13.0.1)
    red-datasets (0.1.0)
      csv (>= 3.0.5)
      rubyzip
    rspec (3.9.0)
      rspec-core (~> 3.9.0)
      rspec-expectations (~> 3.9.0)
      rspec-mocks (~> 3.9.0)
    rspec-core (3.9.1)
      rspec-support (~> 3.9.1)
    rspec-expectations (3.9.1)
      diff-lcs (>= 1.2.0, < 2.0)
      rspec-support (~> 3.9.0)
    rspec-mocks (3.9.1)
      diff-lcs (>= 1.2.0, < 2.0)
      rspec-support (~> 3.9.0)
    rspec-support (3.9.2)
    rubyzip (2.2.0)
    yard (0.9.24)

PLATFORMS
  ruby

DEPENDENCIES
  bundler (~> 1.16)
  rake (~> 13.0)
  red-datasets
  red-datasets-estatjp!
  rspec
  yard

BUNDLED WITH
   1.17.3
